GEM
  remote: https://rubygems.org/
  specs:
    mail (2.6.4)
      mime-types (>= 1.16, < 4)
    mime-types (3.3.1)
      mime-types-data (~> 3.2015)
    mime-types-data (3.2019.1009)

PLATFORMS
  ruby

DEPENDENCIES
  mail (= 2.6.4)!

BUNDLED WITH
   2.1.4
